PATH
  remote: .
  specs:
    active_mappers (1.4.4)
      activesupport (>= 4.2)
      method_source (~> 0.9.2)
      mocha (>= 1.8.0)
      ruby2ruby (> 2.4.0)
      ruby_parser (~> 3.1)

GEM
  remote: https://rubygems.org/
  specs:
    activesupport (6.0.1)
      concurrent-ruby (~> 1.0, >= 1.0.2)
      i18n (>= 0.7, < 2)
      minitest (~> 5.1)
      tzinfo (~> 1.1)
      zeitwerk (~> 2.2)
    concurrent-ruby (1.1.5)
    i18n (1.7.0)
      concurrent-ruby (~> 1.0)
    metaclass (0.0.4)
    method_source (0.9.2)
    minitest (5.13.0)
    mocha (1.9.0)
      metaclass (~> 0.0.1)
    rake (12.3.1)
    ruby2ruby (2.4.4)
      ruby_parser (~> 3.1)
      sexp_processor (~> 4.6)
    ruby_parser (3.14.1)
      sexp_processor (~> 4.9)
    sexp_processor (4.13.0)
    thread_safe (0.3.6)
    tzinfo (1.2.5)
      thread_safe (~> 0.1)
    zeitwerk (2.2.1)

PLATFORMS
  ruby

DEPENDENCIES
  active_mappers!
  rake

BUNDLED WITH
   1.17.2
