PATH
  remote: .
  specs:
    active_mappers (1.4.7)
      activesupport (>= 4.2)
      method_source (~> 0.9.2)
      mocha (>= 1.8.0)
      ruby2ruby (> 2.4.0)
      ruby_parser (~> 3.1)

GEM
  remote: https://rubygems.org/
  specs:
    activesupport (7.0.4.1)
      concurrent-ruby (~> 1.0, >= 1.0.2)
      i18n (>= 1.6, < 2)
      minitest (>= 5.1)
      tzinfo (~> 2.0)
    concurrent-ruby (1.1.10)
    i18n (1.12.0)
      concurrent-ruby (~> 1.0)
    method_source (0.9.2)
    minitest (5.17.0)
    mocha (2.0.2)
      ruby2_keywords (>= 0.0.5)
    rake (12.3.1)
    ruby2_keywords (0.0.5)
    ruby2ruby (2.5.0)
      ruby_parser (~> 3.1)
      sexp_processor (~> 4.6)
    ruby_parser (3.19.2)
      sexp_processor (~> 4.16)
    sexp_processor (4.16.1)
    tzinfo (2.0.5)
      concurrent-ruby (~> 1.0)

PLATFORMS
  ruby

DEPENDENCIES
  active_mappers!
  rake

BUNDLED WITH
   1.17.2
